GEM
  remote: https://rubygems.org/
  specs:
    concurrent-ruby (1.0.4)
    config_env (0.1.2)
    connection_pool (2.2.1)
    rack (1.6.9)
    rack-protection (1.5.5)
      rack
    redis (3.3.2)
    sidekiq (4.2.9)
      concurrent-ruby (~> 1.0)
      connection_pool (~> 2.2, >= 2.2.0)
      rack-protection (>= 1.5.0)
      redis (~> 3.2, >= 3.2.1)
    sinatra (1.4.7)
      rack (~> 1.5)
      rack-protection (~> 1.4)
      tilt (>= 1.3, < 3)
    tilt (2.0.5)

PLATFORMS
  ruby

DEPENDENCIES
  config_env
  sidekiq
  sinatra

RUBY VERSION
   ruby 2.3.1p112

BUNDLED WITH
   1.16.1
